GEM
  remote: http://rubygems.org/
  specs:
    ansi (1.4.3)
    builder (3.2.0)
    git (1.2.5)
    hashie (2.0.0)
    jeweler (1.8.4)
      bundler (~> 1.0)
      git (>= 1.2.5)
      rake
      rdoc
    json (1.7.7)
    minitest (4.6.1)
    minitest-reporters (0.14.7)
      ansi
      builder
      minitest (>= 2.12, < 5.0)
      powerbar
    multi_json (1.6.1)
    powerbar (1.0.11)
      ansi (~> 1.4.0)
      hashie (>= 1.1.0)
    rainbow (1.1.4)
    rake (10.0.3)
    rdoc (4.0.0)
      json (~> 1.4)
    redcarpet (2.2.2)
    simplecov (0.7.1)
      multi_json (~> 1.0)
      simplecov-html (~> 0.7.1)
    simplecov-html (0.7.1)
    yard (0.8.5)

PLATFORMS
  ruby

DEPENDENCIES
  bundler (~> 1.2.3)
  jeweler (~> 1.8.4)
  minitest
  minitest-reporters
  rainbow
  redcarpet
  simplecov
  yard (~> 0.8.5)
